GEM
  remote: https://rubygems.org/
  specs:
    dotenv (2.7.6)
    minitest (5.15.0)
    minitest-global_expectations (1.0.1)
      minitest (> 5)
    minitest-hooks (1.5.0)
      minitest (> 5.3)
    pg (1.3.5)
    rack (2.2.3.1)
    rack-unreloader (1.8.0)
    rake (13.0.6)
    roda (3.56.0)
      rack
    sequel (5.57.0)
    sequel_pg (1.15.0)
      pg (>= 0.18.0, != 1.2.0)
      sequel (>= 4.38.0)

PLATFORMS
  x86_64-darwin-21

DEPENDENCIES
  dotenv
  minitest (>= 5.7.0)
  minitest-global_expectations
  minitest-hooks (>= 1.1.0)
  rack-unreloader (>= 1.8)
  rake
  roda (>= 3.50)
  sequel (>= 5)
  sequel_pg (>= 1.8)

BUNDLED WITH
   2.3.11
